GEM
  remote: https://rubygems.org/
  specs:
    coderay (1.0.9)
    ffi (1.9.0-java)
    method_source (0.8.2)
    neo4j-community (1.9.2-java)
    neo4j-core (2.3.0-java)
      neo4j-community (>= 1.9.M05, < 2.0)
      neo4j-cypher (~> 1.0.0)
    neo4j-cypher (1.0.0)
    neo4j-wrapper (2.3.0-java)
      neo4j-core (= 2.3.0)
    pry (0.9.12.2-java)
      coderay (~> 1.0.5)
      method_source (~> 0.8)
      slop (~> 3.4)
      spoon (~> 0.0)
    slop (3.4.6)
    spoon (0.0.4)
      ffi

PLATFORMS
  java

DEPENDENCIES
  neo4j-wrapper
  pry
