GEM
  remote: https://rubygems.org/
  specs:
    amq-protocol (1.7.0)
    bunny (0.10.6)
      amq-protocol (>= 1.6.0)
    coderay (1.0.9)
    ffi (1.9.0-java)
    metaclass (0.0.1)
    method_source (0.8.2)
    mocha (0.14.0)
      metaclass (~> 0.0.1)
    neo4j-community (1.9.2-java)
    neo4j-core (2.3.0-java)
      neo4j-community (>= 1.9.M05, < 2.0)
      neo4j-cypher (~> 1.0.0)
    neo4j-cypher (1.0.0)
    neo4j-wrapper (2.3.0-java)
      neo4j-core (= 2.3.0)
    pry (0.9.12.2)
      coderay (~> 1.0.5)
      method_source (~> 0.8)
      slop (~> 3.4)
    pry (0.9.12.2-java)
      coderay (~> 1.0.5)
      method_source (~> 0.8)
      slop (~> 3.4)
      spoon (~> 0.0)
    redis (3.0.6)
    slop (3.4.6)
    spoon (0.0.4)
      ffi
    text (1.2.3)

PLATFORMS
  java

DEPENDENCIES
  bunny (>= 0.10.0)
  mocha
  neo4j-wrapper
  pry
  redis
  text
